GEM
  remote: https://rubygems.org/
  specs:
    activesupport (4.2.5.1)
      i18n (~> 0.7)
      json (~> 1.7, >= 1.7.7)
      minitest (~> 5.1)
      thread_safe (~> 0.3, >= 0.3.4)
      tzinfo (~> 1.1)
    addressable (2.3.8)
    ast (2.2.0)
    aws-sdk (2.2.14)
      aws-sdk-resources (= 2.2.14)
    aws-sdk-core (2.2.14)
      jmespath (~> 1.0)
    aws-sdk-resources (2.2.14)
      aws-sdk-core (= 2.2.14)
    axiom-types (0.1.1)
      descendants_tracker (~> 0.0.4)
      ice_nine (~> 0.11.0)
      thread_safe (~> 0.3, >= 0.3.1)
    chef-config (12.6.0)
      mixlib-config (~> 2.0)
      mixlib-shellout (~> 2.0)
    coderay (1.1.0)
    coercible (1.0.0)
      descendants_tracker (~> 0.0.1)
    descendants_tracker (0.0.4)
      thread_safe (~> 0.3, >= 0.3.1)
    diff-lcs (1.2.5)
    droplet_kit (1.3.3)
      activesupport (> 3.0, < 5.0.0)
      faraday (~> 0.9.1)
      kartograph (~> 0.2.3)
      resource_kit (~> 0.1.4)
      virtus (~> 1.0.3)
    equalizer (0.0.11)
    excon (0.45.4)
    faraday (0.9.2)
      multipart-post (>= 1.2, < 3)
    ffi (1.9.10)
    formatador (0.2.5)
    guard (2.13.0)
      formatador (>= 0.2.4)
      listen (>= 2.7, <= 4.0)
      lumberjack (~> 1.0)
      nenv (~> 0.1)
      notiffany (~> 0.0)
      pry (>= 0.9.12)
      shellany (~> 0.0)
      thor (>= 0.18.1)
    guard-compat (1.2.1)
    guard-kitchen (0.0.2)
      guard
      mixlib-shellout
    guard-rspec (4.6.4)
      guard (~> 2.1)
      guard-compat (~> 1.1)
      rspec (>= 2.99.0, < 4.0)
    guard-rubocop (1.2.0)
      guard (~> 2.0)
      rubocop (~> 0.20)
    i18n (0.7.0)
    ice_nine (0.11.2)
    jmespath (1.1.3)
    json (1.8.3)
    kartograph (0.2.4)
    kitchen-digitalocean (0.9.5)
      droplet_kit (~> 1.0)
      test-kitchen (~> 1.2)
    kitchen-docker (2.3.0)
      test-kitchen (>= 1.0.0)
    kitchen-ec2 (0.10.0)
      aws-sdk (~> 2)
      excon
      multi_json
      test-kitchen (~> 1.4, >= 1.4.1)
    kitchen-vagrant (0.19.0)
      test-kitchen (~> 1.4)
    listen (3.0.5)
      rb-fsevent (>= 0.9.3)
      rb-inotify (>= 0.9)
    lumberjack (1.0.10)
    method_source (0.8.2)
    minitest (5.8.4)
    mixlib-config (2.2.1)
    mixlib-install (0.7.1)
    mixlib-shellout (2.2.5)
    multi_json (1.11.2)
    multipart-post (2.0.0)
    nenv (0.2.0)
    net-scp (1.2.1)
      net-ssh (>= 2.6.5)
    net-ssh (3.0.2)
    net-telnet (0.1.1)
    notiffany (0.0.8)
      nenv (~> 0.1)
      shellany (~> 0.0)
    parser (2.3.0.2)
      ast (~> 2.2)
    powerpack (0.1.1)
    pry (0.10.3)
      coderay (~> 1.1.0)
      method_source (~> 0.8.1)
      slop (~> 3.4)
    rainbow (2.1.0)
    rake (10.5.0)
    rb-fsevent (0.9.7)
    rb-inotify (0.9.5)
      ffi (>= 0.5.0)
    resource_kit (0.1.4)
      addressable (~> 2.3.6)
    rspec (3.4.0)
      rspec-core (~> 3.4.0)
      rspec-expectations (~> 3.4.0)
      rspec-mocks (~> 3.4.0)
    rspec-core (3.4.2)
      rspec-support (~> 3.4.0)
    rspec-expectations (3.4.0)
      diff-lcs (>= 1.2.0, < 2.0)
      rspec-support (~> 3.4.0)
    rspec-its (1.2.0)
      rspec-core (>= 3.0.0)
      rspec-expectations (>= 3.0.0)
    rspec-mocks (3.4.1)
      diff-lcs (>= 1.2.0, < 2.0)
      rspec-support (~> 3.4.0)
    rspec-support (3.4.1)
    rubocop (0.36.0)
      parser (>= 2.3.0.0, < 3.0)
      powerpack (~> 0.1)
      rainbow (>= 1.99.1, < 3.0)
      ruby-progressbar (~> 1.7)
    ruby-progressbar (1.7.5)
    safe_yaml (1.0.4)
    serverspec (2.29.1)
      multi_json
      rspec (~> 3.0)
      rspec-its
      specinfra (~> 2.48)
    sfl (2.2)
    shellany (0.0.1)
    slop (3.6.0)
    specinfra (2.50.3)
      net-scp
      net-ssh (>= 2.7, < 3.1)
      net-telnet
      sfl
    test-kitchen (1.5.0)
      chef-config (>= 12.5.1)
      mixlib-install (~> 0.7)
      mixlib-shellout (>= 1.2, < 3.0)
      net-scp (~> 1.1)
      net-ssh (>= 2.9, < 4.0)
      safe_yaml (~> 1.0)
      thor (~> 0.18)
    thor (0.19.1)
    thread_safe (0.3.5)
    tzinfo (1.2.2)
      thread_safe (~> 0.1)
    vagrant-wrapper (2.0.3)
    virtus (1.0.5)
      axiom-types (~> 0.1)
      coercible (~> 1.0)
      descendants_tracker (~> 0.0, >= 0.0.3)
      equalizer (~> 0.0, >= 0.0.9)

PLATFORMS
  ruby

DEPENDENCIES
  guard
  guard-kitchen
  guard-rspec
  guard-rubocop
  kitchen-digitalocean
  kitchen-docker
  kitchen-ec2
  kitchen-vagrant
  rake
  rspec
  rubocop
  serverspec
  test-kitchen
  vagrant-wrapper
